GEM
  remote: http://rubygems.org/
  specs:
    RedCloth (4.2.7)
    actionmailer (2.3.8)
      actionpack (= 2.3.8)
    actionpack (2.3.8)
      activesupport (= 2.3.8)
      rack (~> 1.1.0)
    activerecord (2.3.8)
      activesupport (= 2.3.8)
    activeresource (2.3.8)
      activesupport (= 2.3.8)
    activesupport (2.3.8)
    haml (3.1.1)
    i18n (0.5.0)
    mail (2.3.0)
      i18n (>= 0.4.0)
      mime-types (~> 1.16)
      treetop (~> 1.4.8)
    mime-types (1.16)
    mysql (2.8.1)
    polyglot (0.3.1)
    pony (1.2)
      mail (> 2.0)
    rack (1.1.2)
    rails (2.3.8)
      actionmailer (= 2.3.8)
      actionpack (= 2.3.8)
      activerecord (= 2.3.8)
      activeresource (= 2.3.8)
      activesupport (= 2.3.8)
      rake (>= 0.8.3)
    rake (0.8.7)
    sqlite3 (1.3.3)
    treetop (1.4.9)
      polyglot (>= 0.3.1)
    will_paginate (2.3.15)

PLATFORMS
  ruby

DEPENDENCIES
  RedCloth
  haml
  i18n
  mysql
  pony
  rails (= 2.3.8)
  sqlite3
  will_paginate
